GEM
  remote: http://rubygems.org/
  specs:
    right_aws (3.0.4)
      right_http_connection (>= 1.2.5)
    right_http_connection (1.3.0)
    thor (0.16.0)

PLATFORMS
  ruby

DEPENDENCIES
  right_aws
  thor
